PATH
  remote: .
  specs:
    matlock (0.1.2)
      activesupport (~> 4.0)
      commander (~> 4.1.3)
      mechanize (~> 2.5.1)

GEM
  remote: https://rubygems.org/
  specs:
    activesupport (4.0.13)
      i18n (~> 0.6, >= 0.6.9)
      minitest (~> 4.2)
      multi_json (~> 1.3)
      thread_safe (~> 0.1)
      tzinfo (~> 0.3.37)
    coderay (1.1.0)
    commander (4.1.6)
      highline (~> 1.6.11)
    domain_name (0.5.24)
      unf (>= 0.0.5, < 1.0.0)
    highline (1.6.21)
    i18n (0.7.0)
    mechanize (2.5.1)
      domain_name (~> 0.5, >= 0.5.1)
      mime-types (~> 1.17, >= 1.17.2)
      net-http-digest_auth (~> 1.1, >= 1.1.1)
      net-http-persistent (~> 2.5, >= 2.5.2)
      nokogiri (~> 1.4)
      ntlm-http (~> 0.1, >= 0.1.1)
      webrobots (~> 0.0, >= 0.0.9)
    metaclass (0.0.4)
    method_source (0.8.2)
    mime-types (1.25.1)
    mini_portile (0.6.2)
    minitest (4.3.3)
    mocha (0.13.3)
      metaclass (~> 0.0.1)
    multi_json (1.11.0)
    net-http-digest_auth (1.4)
    net-http-persistent (2.9.4)
    nokogiri (1.6.6.2)
      mini_portile (~> 0.6.0)
    ntlm-http (0.1.1)
    pry (0.10.1)
      coderay (~> 1.1.0)
      method_source (~> 0.8.1)
      slop (~> 3.4)
    rake (10.0.4)
    slop (3.6.0)
    thread_safe (0.3.5)
    tzinfo (0.3.44)
    unf (0.1.4)
      unf_ext
    unf_ext (0.0.7.1)
    unindentable (0.1.0)
    webrobots (0.1.1)

PLATFORMS
  ruby

DEPENDENCIES
  matlock!
  minitest (~> 4.3.3)
  mocha (~> 0.13.1)
  pry
  rake (~> 10.0.3)
  unindentable (~> 0.1.0)
